PATH
  remote: .
  specs:
    restful_client (1.0.0)
      service_jynx (~> 0)
      typhoeus (~> 0)

GEM
  remote: https://rubygems.org/
  specs:
    ast (2.3.0)
    astrolabe (1.3.1)
      parser (~> 2.2)
    byebug (9.0.6)
    coderay (1.1.1)
    daemons (1.2.4)
    diff-lcs (1.2.5)
    docile (1.1.5)
    ethon (0.9.1)
      ffi (>= 1.3.0)
    eventmachine (1.2.0.1)
    ffi (1.9.14)
    json (2.0.2)
    method_source (0.8.2)
    parser (2.3.1.4)
      ast (~> 2.2)
    powerpack (0.1.1)
    pry (0.10.4)
      coderay (~> 1.1.0)
      method_source (~> 0.8.1)
      slop (~> 3.4)
    pry-byebug (3.4.0)
      byebug (~> 9.0)
      pry (~> 0.10)
    rack (2.0.1)
    rainbow (2.1.0)
    rspec (3.5.0)
      rspec-core (~> 3.5.0)
      rspec-expectations (~> 3.5.0)
      rspec-mocks (~> 3.5.0)
    rspec-core (3.5.4)
      rspec-support (~> 3.5.0)
    rspec-expectations (3.5.0)
      diff-lcs (>= 1.2.0, < 2.0)
      rspec-support (~> 3.5.0)
    rspec-its (1.2.0)
      rspec-core (>= 3.0.0)
      rspec-expectations (>= 3.0.0)
    rspec-mocks (3.5.0)
      diff-lcs (>= 1.2.0, < 2.0)
      rspec-support (~> 3.5.0)
    rspec-support (3.5.0)
    rubocop (0.35.1)
      astrolabe (~> 1.3)
      parser (>= 2.2.3.0, < 3.0)
      powerpack (~> 0.1)
      rainbow (>= 1.99.1, < 3.0)
      ruby-progressbar (~> 1.7)
      tins (<= 1.6.0)
    ruby-progressbar (1.8.1)
    service_jynx (0.0.3)
    simplecov (0.12.0)
      docile (~> 1.1.0)
      json (>= 1.8, < 3)
      simplecov-html (~> 0.10.0)
    simplecov-html (0.10.0)
    slop (3.6.0)
    thin (1.7.0)
      daemons (~> 1.0, >= 1.0.9)
      eventmachine (~> 1.0, >= 1.0.4)
      rack (>= 1, < 3)
    tins (1.6.0)
    typhoeus (0.8.0)
      ethon (>= 0.8.0)

PLATFORMS
  ruby

DEPENDENCIES
  pry-byebug (~> 3.4)
  restful_client!
  rspec (~> 3.5)
  rspec-its (~> 1.2)
  rubocop (~> 0.35.1)
  simplecov (~> 0.12)
  thin (~> 1.7)

BUNDLED WITH
   1.12.5
